GEM
  remote: https://rubygems.org/
  specs:
    bson (4.2.2)
    cuba (3.8.1)
      rack (>= 1.6.0)
    mini_portile2 (2.3.0)
    mongo (2.4.3)
      bson (>= 4.2.1, < 5.0.0)
    mustermann (1.0.1)
    nokogiri (1.8.1)
      mini_portile2 (~> 2.3.0)
    rack (2.0.3)
    rack-protection (2.0.0)
      rack
    rprogram (0.3.2)
    ruby-nmap (0.8.0)
      nokogiri (~> 1.3)
      rprogram (~> 0.3)
    sinatra (2.0.0)
      mustermann (~> 1.0)
      rack (~> 2.0)
      rack-protection (= 2.0.0)
      tilt (~> 2.0)
    tilt (2.0.8)

PLATFORMS
  ruby

DEPENDENCIES
  cuba
  mongo
  nokogiri
  ruby-nmap (~> 0.8.0)
  sinatra

BUNDLED WITH
   1.15.4
